GEM
  remote: https://rubygems.org/
  specs:
    google-protobuf (3.3.0)

PLATFORMS
  ruby

DEPENDENCIES
  google-protobuf

RUBY VERSION
   ruby 2.3.1p112

BUNDLED WITH
   1.13.7
